PATH
  remote: .
  specs:
    ruby-progressbar (1.9.0)

GEM
  remote: https://rubygems.org/
  specs:
    awesome_print (1.8.0)
    chamber (2.10.1)
      hashie (~> 3.3)
      thor (~> 0.19.1)
    diff-lcs (1.3)
    fuubar (2.2.0)
      rspec-core (~> 3.0)
      ruby-progressbar (~> 1.4)
    hashie (3.5.6)
    rspec (3.6.0)
      rspec-core (~> 3.6.0)
      rspec-expectations (~> 3.6.0)
      rspec-mocks (~> 3.6.0)
    rspec-core (3.6.0)
      rspec-support (~> 3.6.0)
    rspec-expectations (3.6.0)
      diff-lcs (>= 1.2.0, < 2.0)
      rspec-support (~> 3.6.0)
    rspec-mocks (3.6.0)
      diff-lcs (>= 1.2.0, < 2.0)
      rspec-support (~> 3.6.0)
    rspec-support (3.6.0)
    rspectacular (0.70.7)
      fuubar (~> 2.0)
      rspec (~> 3.1)
    ruby-prof (0.15.8)
    thor (0.19.4)
    timecop (0.6.1)
    warning_filter (0.0.6)

PLATFORMS
  ruby

DEPENDENCIES
  awesome_print (~> 1.6)
  chamber
  fuubar (~> 2.0)
  rspec (~> 3.6)
  rspectacular (~> 0.70.6)
  ruby-prof (~> 0.15.8)
  ruby-progressbar!
  timecop (= 0.6.1)
  warning_filter (~> 0.0.6)

BUNDLED WITH
   1.14.6
